GEM
  remote: http://rubygems.org/
  specs:
    activesupport (3.1.1)
      multi_json (~> 1.0)
    git (1.2.5)
    jeweler (1.6.4)
      bundler (~> 1.0)
      git (>= 1.2.5)
      rake
    multi_json (1.0.3)
    nokogiri (1.4.3.1)
    open4 (1.3.0)
    rake (0.8.7)

PLATFORMS
  ruby

DEPENDENCIES
  activesupport
  bundler (~> 1.0.0)
  jeweler (~> 1.6.4)
  nokogiri
  open4
  rake (= 0.8.7)
